GEM
  remote: https://rubygems.org/
  specs:
    albino (1.3.3)
      posix-spawn (>= 0.3.6)
    classifier (1.3.5)
      fast-stemmer (~> 1.0.0)
      mathn
      rake
    directory_watcher (1.5.1)
    fast-stemmer (1.0.2)
    jekyll (0.11.0)
      albino (>= 1.3.2)
      classifier (>= 1.3.1)
      directory_watcher (>= 1.1.1)
      kramdown (>= 0.13.2)
      liquid (>= 1.9.0)
      maruku (>= 0.5.9)
    kramdown (2.4.0)
      rexml
    liquid (4.0.3)
    maruku (0.7.3)
    mathn (0.1.0)
    posix-spawn (0.3.15)
    rake (13.0.6)
    rexml (3.2.5)
    rouge (4.0.0)
    webrick (1.7.0)

PLATFORMS
  ruby

DEPENDENCIES
  jekyll
  kramdown
  rouge
  webrick

RUBY VERSION
   ruby 3.1.2p20

BUNDLED WITH
   2.3.19
